GEM
  remote: https://rubygems.org/
  specs:
    ethon (0.11.0)
      ffi (>= 1.3.0)
    faraday (0.13.1)
      multipart-post (>= 1.2, < 3)
    faraday_middleware (0.12.2)
      faraday (>= 0.7.4, < 1.0)
    ffi (1.9.23)
    finapps (3.0.5)
      finapps_core (~> 3.0, >= 3.0.3)
    finapps_core (3.0.3)
      faraday (= 0.13.1)
      faraday_middleware (~> 0.12, >= 0.12.2)
      rash_alt (~> 0.4, >= 0.4.3)
      typhoeus (~> 1.3, >= 1.3.0)
    hashie (3.5.7)
    multipart-post (2.0.0)
    rash_alt (0.4.6)
      hashie (~> 3.5.6)
    typhoeus (1.3.0)
      ethon (>= 0.9.0)

PLATFORMS
  ruby

DEPENDENCIES
  finapps (~> 3.0.5)

BUNDLED WITH
   1.16.1
